GEM
  remote: https://rubygems.org/
  specs:
    aws-sdk (1.58.0)
      aws-sdk-v1 (= 1.58.0)
    aws-sdk-v1 (1.58.0)
      json (~> 1.4)
      nokogiri (>= 1.4.4)
    gems (0.8.3)
    json (1.8.0)
    mini_portile (0.6.0)
    net-scp (1.1.2)
      net-ssh (>= 2.6.5)
    net-ssh (2.9.1)
    nokogiri (1.6.3.1)
      mini_portile (= 0.6.0)
    pmap (1.0.1)
    puma (2.9.1)
      rack (>= 1.1, < 2.0)
    rack (1.5.2)
    rack-protection (1.5.3)
      rack
    sequel (4.14.0)
    sinatra (1.4.5)
      rack (~> 1.4)
      rack-protection (~> 1.4)
      tilt (~> 1.3, >= 1.3.4)
    sqlite3 (1.3.9)
    tilt (1.4.1)

PLATFORMS
  ruby

DEPENDENCIES
  aws-sdk
  gems
  net-scp
  net-ssh
  pmap
  puma
  sequel
  sinatra
  sqlite3
